GEM
  remote: https://rubygems.org/
  specs:
    appsignal (1.3.2)
      rack
      thread_safe
    rack (2.0.1)
    thread_safe (0.3.5)

PLATFORMS
  ruby

DEPENDENCIES
  appsignal

RUBY VERSION
   ruby 2.3.1p112

BUNDLED WITH
   1.12.5
